PATH
  remote: vendor/gems/arel
  specs:
    arel (0.4.0)
      activesupport (>= 3.0.0.beta)

PATH
  remote: vendor/gems/capybara
  specs:
    capybara (0.3.9)
      culerity (>= 0.2.4)
      mime-types (>= 1.16)
      nokogiri (>= 1.3.3)
      rack (>= 1.0.0)
      rack-test (>= 0.5.4)
      selenium-webdriver (>= 0.0.3)

PATH
  remote: vendor/gems/devise
  specs:
    devise (1.2.0)
      bcrypt-ruby (~> 2.1.2)
      warden (~> 0.10.7)

PATH
  remote: vendor/gems/formtastic
  specs:
    formtastic (1.0.0.rc2)
      actionpack (>= 2.3.0)
      activesupport (>= 2.3.0)
      i18n (>= 0.4.0)

PATH
  remote: vendor/gems/machinist
  specs:
    machinist (2.0.0.beta2)

PATH
  remote: vendor/gems/rails
  specs:
    actionmailer (3.0.0.rc)
      actionpack (= 3.0.0.rc)
      mail (~> 2.2.5)
    actionpack (3.0.0.rc)
      activemodel (= 3.0.0.rc)
      activesupport (= 3.0.0.rc)
      builder (~> 2.1.2)
      erubis (~> 2.6.6)
      i18n (~> 0.4.1)
      rack (~> 1.2.1)
      rack-mount (~> 0.6.9)
      rack-test (~> 0.5.4)
      tzinfo (~> 0.3.22)
    activemodel (3.0.0.rc)
      activesupport (= 3.0.0.rc)
      builder (~> 2.1.2)
      i18n (~> 0.4.1)
    activerecord (3.0.0.rc)
      activemodel (= 3.0.0.rc)
      activesupport (= 3.0.0.rc)
      arel (~> 0.4.0)
      tzinfo (~> 0.3.22)
    activeresource (3.0.0.rc)
      activemodel (= 3.0.0.rc)
      activesupport (= 3.0.0.rc)
    activesupport (3.0.0.rc)
    rails (3.0.0.rc)
      actionmailer (= 3.0.0.rc)
      actionpack (= 3.0.0.rc)
      activerecord (= 3.0.0.rc)
      activeresource (= 3.0.0.rc)
      activesupport (= 3.0.0.rc)
      bundler (>= 1.0.0.rc.2)
      railties (= 3.0.0.rc)
    railties (3.0.0.rc)
      actionpack (= 3.0.0.rc)
      activesupport (= 3.0.0.rc)
      rake (>= 0.8.3)
      thor (~> 0.14.0)

PATH
  remote: vendor/gems/shoulda
  specs:
    shoulda (2.11.3)

GEM
  remote: http://rubygems.org/
  specs:
    abstract (1.0.0)
    bcrypt-ruby (2.1.2)
    builder (2.1.2)
    compass (0.10.2)
      haml (>= 3.0.4)
    configuration (1.1.0)
    culerity (0.2.10)
    database_cleaner (0.5.2)
    erubis (2.6.6)
      abstract (>= 1.0.0)
    fancy-buttons (0.5.5)
      compass (>= 0.10.0)
      haml (>= 3.0.2)
    ffi (0.6.3)
      rake (>= 0.8.7)
    haml (3.0.14)
    heroku (1.9.13)
      json_pure (>= 1.2.0, < 1.5.0)
      launchy (~> 0.3.2)
      rest-client (~> 1.4.0)
    hpricot (0.8.2)
    i18n (0.4.1)
    json_pure (1.4.5)
    launchy (0.3.7)
      configuration (>= 0.0.5)
      rake (>= 0.8.1)
    mail (2.2.5)
      activesupport (>= 2.3.6)
      mime-types
      treetop (>= 1.4.5)
    mime-types (1.16)
    mocha (0.9.8)
      rake
    nokogiri (1.4.3.1)
    pg (0.9.0)
    polyglot (0.3.1)
    rack (1.2.1)
    rack-mount (0.6.9)
      rack (>= 1.0.0)
    rack-test (0.5.4)
      rack (>= 1.0)
    rake (0.8.7)
    rest-client (1.4.2)
      mime-types (>= 1.16)
    ruby_parser (2.0.4)
      sexp_processor (~> 3.0)
    rubyzip (0.9.4)
    selenium-webdriver (0.0.27)
      ffi (>= 0.6.1)
      json_pure
      rubyzip
    sexp_processor (3.0.4)
    thor (0.14.0)
    treetop (1.4.8)
      polyglot (>= 0.3.1)
    tzinfo (0.3.22)
    validation_reflection (0.3.8)
    warden (0.10.7)
      rack (>= 1.0.0)

PLATFORMS
  ruby

DEPENDENCIES
  arel!
  capybara!
  compass
  database_cleaner
  devise!
  fancy-buttons
  formtastic!
  haml
  heroku
  hpricot
  launchy
  machinist!
  mocha
  pg
  rails!
  ruby_parser
  shoulda!
  validation_reflection
