PATH
  remote: .
  specs:
    capybara (0.3.9)
      culerity (>= 0.2.4)
      mime-types (>= 1.16)
      nokogiri (>= 1.3.3)
      rack (>= 1.0.0)
      rack-test (>= 0.5.4)
      selenium-webdriver (>= 0.0.3)

GEM
  remote: http://rubygems.org/
  specs:
    configuration (1.1.0)
    culerity (0.2.10)
    ffi (0.6.3)
      rake (>= 0.8.7)
    json_pure (1.4.3)
    launchy (0.3.7)
      configuration (>= 0.0.5)
      rake (>= 0.8.1)
    mime-types (1.16)
    nokogiri (1.4.2)
    rack (1.2.1)
    rack-test (0.5.4)
      rack (>= 1.0)
    rake (0.8.7)
    rspec (1.3.0)
    rubyzip (0.9.4)
    selenium-webdriver (0.0.26)
      ffi (>= 0.6.1)
      json_pure
      rubyzip
    sinatra (1.0)
      rack (>= 1.0)
    yard (0.5.8)

PLATFORMS
  ruby

DEPENDENCIES
  capybara!
  culerity (>= 0.2.4)
  launchy (>= 0.3.5)
  mime-types (>= 1.16)
  nokogiri (>= 1.3.3)
  rack (>= 1.0.0)
  rack-test (>= 0.5.4)
  rspec (>= 1.2.9)
  selenium-webdriver (>= 0.0.3)
  sinatra (>= 0.9.4)
  yard (>= 0.5.8)
